GEM
  remote: https://rubygems.org/
  specs:
    rmagick (4.2.2)

PLATFORMS
  ruby

DEPENDENCIES
  rmagick

BUNDLED WITH
   2.1.4
